PATH
  remote: .
  specs:
    macronomicon (0.1.0)
      curses

GEM
  remote: https://rubygems.org/
  specs:
    curses (1.3.1)
    minitest (5.10.3)

PLATFORMS
  ruby

DEPENDENCIES
  bundler (~> 2.0)
  macronomicon!
  minitest (~> 5.0)

BUNDLED WITH
   2.0.1
